GEM
  remote: https://rubygems.org/
  specs:
    activemodel (4.2.9)
      activesupport (= 4.2.9)
      builder (~> 3.1)
    activerecord (4.2.9)
      activemodel (= 4.2.9)
      activesupport (= 4.2.9)
      arel (~> 6.0)
    activesupport (4.2.9)
      i18n (~> 0.7)
      minitest (~> 5.1)
      thread_safe (~> 0.3, >= 0.3.4)
      tzinfo (~> 1.1)
    arel (6.0.4)
    builder (3.2.3)
    filesize (0.1.1)
    haml (4.0.7)
      tilt
    httparty (0.15.6)
      multi_xml (>= 0.5.2)
    i18n (0.8.6)
    minitest (5.10.3)
    multi_xml (0.6.0)
    speedtest (0.2.3)
      httparty (~> 0.13)
    sqlite3 (1.3.13)
    thread_safe (0.3.6)
    tilt (1.4.1)
    tzinfo (1.2.3)
      thread_safe (~> 0.1)

PLATFORMS
  ruby

DEPENDENCIES
  activerecord (~> 4)
  filesize
  haml
  speedtest
  sqlite3

BUNDLED WITH
   1.15.1
